GIT
  remote: git://github.com/travis-ci/travis-packer-build.git
  revision: d520e0c11d892596da130d2cb29e8e4fd7a3d81f
  specs:
    travis-packer-build (0.1.0)
      faraday (~> 0.9)
      git (~> 1)

GEM
  remote: https://rubygems.org/
  specs:
    faraday (0.9.2)
      multipart-post (>= 1.2, < 3)
    git (1.3.0)
    multipart-post (2.0.0)

PLATFORMS
  ruby

DEPENDENCIES
  travis-packer-build!

BUNDLED WITH
   1.12.5
