GIT
  remote: git://github.com/travis-ci/travis-packer-build.git
  revision: 913e72c72eaffeba193461a28ecf40c6e3aea4e3
  branch: meat-body-var-rework
  specs:
    travis-packer-build (0.1.0)
      faraday (~> 0.9)
      git (~> 1)

GEM
  remote: https://rubygems.org/
  specs:
    faraday (0.9.2)
      multipart-post (>= 1.2, < 3)
    git (1.3.0)
    multipart-post (2.0.0)

PLATFORMS
  ruby

DEPENDENCIES
  travis-packer-build!

BUNDLED WITH
   1.12.5
